GEM
  specs:
    byebug (11.1.3)
    coderay (1.1.3)
    method_source (1.0.0)
    mini_portile2 (2.4.0)
    nokogiri (1.10.9)
      mini_portile2 (~> 2.4.0)
    pry (0.13.1)
      coderay (~> 1.1)
      method_source (~> 1.0)
    pry-byebug (3.9.0)
      byebug (~> 11.0)
      pry (~> 0.13.0)
    slack-notifier (2.3.2)

PLATFORMS
  ruby

DEPENDENCIES
  nokogiri
  pry-byebug
  slack-notifier

BUNDLED WITH
   2.1.4
