GEM
  specs:
    mini_portile2 (2.4.0)
    nokogiri (1.10.9)
      mini_portile2 (~> 2.4.0)
    slack-notifier (2.3.2)

PLATFORMS
  ruby

DEPENDENCIES
  nokogiri
  slack-notifier

BUNDLED WITH
   2.1.4
